GEM
  remote: https://rubygems.org/
  specs:
    m (1.5.0)
      method_source (>= 0.6.7)
      rake (>= 0.9.2.2)
    method_source (0.8.2)
    rake (11.2.2)

PLATFORMS
  ruby

DEPENDENCIES
  m

BUNDLED WITH
   1.12.5
